GIT
  remote: https://github.com/librariesio/bitbucket
  revision: 43f8f97be403091debab480235413b20059337bd
  specs:
    bitbucket_rest_api (0.1.7)
      faraday (~> 0.10)
      faraday_middleware (~> 0.11)
      hashie
      multi_json (>= 1.7.5, < 2.0)
      nokogiri (>= 1.5.2)
      simple_oauth

GIT
  remote: https://github.com/librariesio/rails-timeago
  revision: 4225f85ee1992270b5944903a417542a7cd3303a
  specs:
    rails-timeago (2.16.0)
      actionpack (>= 3.1)
      activesupport (>= 3.1)

GIT
  remote: https://github.com/librariesio/semantic
  revision: ed94eaa7107bdc60e8fd98e1904d4c065a9a576d
  specs:
    semantic (1.6.1)

GEM
  remote: https://rubygems.org/
  specs:
    actioncable (7.0.7.2)
      actionpack (= 7.0.7.2)
      activesupport (= 7.0.7.2)
      nio4r (~> 2.0)
      websocket-driver (>= 0.6.1)
    actionmailbox (7.0.7.2)
      actionpack (= 7.0.7.2)
      activejob (= 7.0.7.2)
      activerecord (= 7.0.7.2)
      activestorage (= 7.0.7.2)
      activesupport (= 7.0.7.2)
      mail (>= 2.7.1)
      net-imap
      net-pop
      net-smtp
    actionmailer (7.0.7.2)
      actionpack (= 7.0.7.2)
      actionview (= 7.0.7.2)
      activejob (= 7.0.7.2)
      activesupport (= 7.0.7.2)
      mail (~> 2.5, >= 2.5.4)
      net-imap
      net-pop
      net-smtp
      rails-dom-testing (~> 2.0)
    actionpack (7.0.7.2)
      actionview (= 7.0.7.2)
      activesupport (= 7.0.7.2)
      rack (~> 2.0, >= 2.2.4)
      rack-test (>= 0.6.3)
      rails-dom-testing (~> 2.0)
      rails-html-sanitizer (~> 1.0, >= 1.2.0)
    actiontext (7.0.7.2)
      actionpack (= 7.0.7.2)
      activerecord (= 7.0.7.2)
      activestorage (= 7.0.7.2)
      activesupport (= 7.0.7.2)
      globalid (>= 0.6.0)
      nokogiri (>= 1.8.5)
    actionview (7.0.7.2)
      activesupport (= 7.0.7.2)
      builder (~> 3.1)
      erubi (~> 1.4)
      rails-dom-testing (~> 2.0)
      rails-html-sanitizer (~> 1.1, >= 1.2.0)
    active_model_serializers (0.10.13)
      actionpack (>= 4.1, < 7.1)
      activemodel (>= 4.1, < 7.1)
      case_transform (>= 0.2)
      jsonapi-renderer (>= 0.1.1.beta1, < 0.3)
    activejob (7.0.7.2)
      activesupport (= 7.0.7.2)
      globalid (>= 0.3.6)
    activemodel (7.0.7.2)
      activesupport (= 7.0.7.2)
    activerecord (7.0.7.2)
      activemodel (= 7.0.7.2)
      activesupport (= 7.0.7.2)
    activestorage (7.0.7.2)
      actionpack (= 7.0.7.2)
      activejob (= 7.0.7.2)
      activerecord (= 7.0.7.2)
      activesupport (= 7.0.7.2)
      marcel (~> 1.0)
      mini_mime (>= 1.1.0)
    activesupport (7.0.7.2)
      concurrent-ruby (~> 1.0, >= 1.0.2)
      i18n (>= 1.6, < 2)
      minitest (>= 5.1)
      tzinfo (~> 2.0)
    addressable (2.8.5)
      public_suffix (>= 2.0.2, < 6.0)
    after_commit_action (1.1.0)
      activerecord (>= 3.0.0)
      activesupport (>= 3.0.0)
    annotate (3.2.0)
      activerecord (>= 3.2, < 8.0)
      rake (>= 10.4, < 14.0)
    api-pagination (4.8.2)
    asciidoctor (2.0.20)
    ast (2.4.2)
    autoprefixer-rails (9.5.1.1)
      execjs
    base64 (0.1.1)
    bibliothecary (8.6.5)
      commander
      deb_control
      librariesio-gem-parser
      ox (>= 2.8.1)
      packageurl-ruby
      sdl4r
      strings
      strings-ansi
      tomlrb (~> 2.0)
      typhoeus
    bootsnap (1.12.0)
      msgpack (~> 1.2)
    bootstrap-sass (3.4.1)
      autoprefixer-rails (>= 5.2.1)
      sassc (>= 2.0.0)
    brakeman (5.4.1)
    brotli (0.4.0)
    brpoplpush-redis_script (0.1.3)
      concurrent-ruby (~> 1.0, >= 1.0.5)
      redis (>= 1.0, < 6)
    bugsnag (6.26.0)
      concurrent-ruby (~> 1.0)
    builder (3.2.4)
    byebug (11.1.3)
    capybara (3.39.2)
      addressable
      matrix
      mini_mime (>= 0.1.3)
      nokogiri (~> 1.8)
      rack (>= 1.6.0)
      rack-test (>= 0.6.3)
      regexp_parser (>= 1.5, < 3.0)
      xpath (~> 3.2)
    case_transform (0.2)
      activesupport
    charlock_holmes (0.7.7)
    chartkick (3.4.0)
    chronic (0.10.2)
    coderay (1.1.3)
    commander (4.6.0)
      highline (~> 2.0.0)
    commonmarker (0.23.10)
    concurrent-ruby (1.1.5)
    concurrent-ruby-ext (1.1.5)
      concurrent-ruby (= 1.1.5)
    connection_pool (2.4.1)
    counter_culture (2.2.2)
      activerecord (>= 4.2.0)
      activesupport (>= 4.2.0)
      after_commit_action (~> 1.0)
    crack (0.4.5)
      rexml
    crass (1.0.6)
    creole (0.5.0)
    css_parser (1.14.0)
      addressable
    dalli (3.2.5)
    database_cleaner (1.99.0)
    database_cleaner-active_record (2.1.0)
      activerecord (>= 5.a)
      database_cleaner-core (~> 2.0.0)
    database_cleaner-core (2.0.1)
    datadog-ci (0.3.0)
      msgpack
    date (3.3.3)
    ddtrace (1.16.2)
      datadog-ci (~> 0.3.0)
      debase-ruby_core_source (= 3.2.2)
      libdatadog (~> 5.0.0.1.0)
      libddwaf (~> 1.14.0.0.0)
      msgpack
    deb_control (0.0.1)
    debase-ruby_core_source (3.2.2)
    declarative (0.0.10)
    declarative-option (0.1.0)
    diff-lcs (1.5.0)
    docile (1.4.0)
    dotenv (2.8.1)
    dotenv-rails (2.8.1)
      dotenv (= 2.8.1)
      railties (>= 3.2)
    elasticsearch (2.0.2)
      elasticsearch-api (= 2.0.2)
      elasticsearch-transport (= 2.0.2)
    elasticsearch-api (2.0.2)
      multi_json
    elasticsearch-model (5.0.0)
      activesupport (> 3)
      elasticsearch (> 1)
      hashie
    elasticsearch-rails (5.1.0)
    elasticsearch-transport (2.0.2)
      faraday
      multi_json
    erubi (1.12.0)
    escape_utils (1.2.1)
    ethon (0.16.0)
      ffi (>= 1.15.0)
    excon (0.72.0)
    execjs (2.8.1)
    factory_bot (6.2.1)
      activesupport (>= 5.0.0)
    factory_bot_rails (6.2.0)
      factory_bot (~> 6.2.0)
      railties (>= 5.0.0)
    faker (3.2.1)
      i18n (>= 1.8.11, < 2)
    faraday (0.17.6)
      multipart-post (>= 1.2, < 3)
    faraday-http-cache (2.5.0)
      faraday (>= 0.8)
    faraday_middleware (0.14.0)
      faraday (>= 0.7.4, < 1.0)
    fast_blank (1.0.0)
    fast_xor (1.1.3)
      rake
      rake-compiler
    fast_xs (0.8.0)
    ffi (1.16.3)
    fog-aws (3.5.0)
      fog-core (~> 2.1)
      fog-json (~> 1.1)
      fog-xml (~> 0.1)
      ipaddress (~> 0.8)
    fog-core (2.1.0)
      builder
      excon (~> 0.58)
      formatador (~> 0.2)
      mime-types
    fog-google (1.9.1)
      fog-core (<= 2.1.0)
      fog-json (~> 1.2)
      fog-xml (~> 0.1.0)
      google-api-client (~> 0.23.0)
    fog-json (1.2.0)
      fog-core
      multi_json (~> 1.10)
    fog-xml (0.1.3)
      fog-core
      nokogiri (>= 1.5.11, < 2.0.0)
    font-awesome-rails (4.7.0.8)
      railties (>= 3.2, < 8.0)
    foreman (0.87.2)
    formatador (0.2.5)
    fuzzy_match (2.1.0)
    gemoji (3.0.1)
    github-linguist (7.4.0)
      charlock_holmes (~> 0.7.6)
      escape_utils (~> 1.2.0)
      mime-types (>= 1.19)
      rugged (>= 0.25.1)
    github-markup (4.0.1)
    gitlab (4.19.0)
      httparty (~> 0.20)
      terminal-table (>= 1.5.1)
    globalid (1.2.0)
      activesupport (>= 6.1)
    google-api-client (0.23.9)
      addressable (~> 2.5, >= 2.5.1)
      googleauth (>= 0.5, < 0.7.0)
      httpclient (>= 2.8.1, < 3.0)
      mime-types (~> 3.0)
      representable (~> 3.0)
      retriable (>= 2.0, < 4.0)
      signet (~> 0.9)
    googleauth (0.6.7)
      faraday (~> 0.12)
      jwt (>= 1.4, < 3.0)
      memoist (~> 0.16)
      multi_json (~> 1.11)
      os (>= 0.9, < 2.0)
      signet (~> 0.7)
    graphql (1.13.20)
    graphql-client (0.18.0)
      activesupport (>= 3.0)
      graphql
    groupdate (6.1.0)
      activesupport (>= 5.2)
    hashdiff (1.0.1)
    hashie (5.0.0)
    highline (2.0.3)
    hiredis (0.6.3)
    htmlentities (4.3.4)
    httparty (0.21.0)
      mini_mime (>= 1.0.0)
      multi_xml (>= 0.5.2)
    httpclient (2.8.3)
    i18n (1.14.1)
      concurrent-ruby (~> 1.0)
    indefinite_article (0.2.4)
      activesupport
    ipaddress (0.8.3)
    jb (0.8.0)
    jquery-rails (4.6.0)
      rails-dom-testing (>= 1, < 3)
      railties (>= 4.2.0)
      thor (>= 0.14, < 2.0)
    json (2.6.3)
    json_spec (1.1.5)
      multi_json (~> 1.0)
      rspec (>= 2.0, < 4.0)
    jsonapi-renderer (0.2.2)
    jwt (2.7.1)
    language_server-protocol (3.17.0.3)
    libdatadog (5.0.0.1.0)
    libddwaf (1.14.0.0.0)
      ffi (~> 1.0)
    librariesio-gem-parser (1.0.0)
    librariesio-url-parser (1.0.3)
    license-compatibility (3.1.0)
    listen (3.8.0)
      rb-fsevent (~> 0.10, >= 0.10.3)
      rb-inotify (~> 0.9, >= 0.9.10)
    lograge (0.11.1)
      actionpack (>= 4)
      activesupport (>= 4)
      railties (>= 4)
      request_store (~> 1.0)
    loofah (2.21.4)
      crass (~> 1.0.2)
      nokogiri (>= 1.12.0)
    mail (2.8.1)
      mini_mime (>= 0.1.1)
      net-imap
      net-pop
      net-smtp
    marcel (1.0.2)
    marginalia (1.11.1)
      actionpack (>= 5.2)
      activerecord (>= 5.2)
    matrix (0.4.2)
    memoist (0.16.2)
    method_source (1.0.0)
    mime-types (3.5.1)
      mime-types-data (~> 3.2015)
    mime-types-data (3.2023.0808)
    mini_mime (1.1.5)
    mini_portile2 (2.8.5)
    minitest (5.20.0)
    msgpack (1.7.2)
    multi_json (1.15.0)
    multi_xml (0.6.0)
    multipart-post (2.3.0)
    net-imap (0.3.7)
      date
      net-protocol
    net-pop (0.1.2)
      net-protocol
    net-protocol (0.2.1)
      timeout
    net-smtp (0.3.3)
      net-protocol
    nio4r (2.5.9)
    nokogiri (1.15.4)
      mini_portile2 (~> 2.8.2)
      racc (~> 1.4)
    oauth2 (2.0.9)
      faraday (>= 0.17.3, < 3.0)
      jwt (>= 1.0, < 3.0)
      multi_xml (~> 0.5)
      rack (>= 1.2, < 4)
      snaky_hash (~> 2.0)
      version_gem (~> 1.1)
    octicons (8.5.0)
      nokogiri (>= 1.6.3.1)
    octicons_helper (8.5.0)
      octicons (= 8.5.0)
      rails
    octokit (4.16.0)
      faraday (>= 0.9)
      sawyer (~> 0.8.0, >= 0.5.3)
    oj (3.13.8)
    omniauth (2.1.1)
      hashie (>= 3.4.6)
      rack (>= 2.2.3)
      rack-protection
    omniauth-atlassian-bitbucket (0.1.0)
      omniauth-oauth2
    omniauth-github (2.0.1)
      omniauth (~> 2.0)
      omniauth-oauth2 (~> 1.8)
    omniauth-gitlab (4.1.0)
      omniauth (~> 2.0)
      omniauth-oauth2 (~> 1.8.0)
    omniauth-oauth2 (1.8.0)
      oauth2 (>= 1.4, < 3)
      omniauth (~> 2.0)
    omniauth-rails_csrf_protection (1.0.1)
      actionpack (>= 4.2)
      omniauth (~> 2.0)
    org-ruby (0.9.12)
      rubypants (~> 0.2)
    os (1.1.1)
    ox (2.14.17)
    packageurl-ruby (0.1.0)
    parallel (1.23.0)
    parser (3.2.2.3)
      ast (~> 2.4.1)
      racc
    pg (1.5.4)
    pg_query (1.3.0)
    pghero (3.3.3)
      activerecord (>= 6)
    pictogram (2.0.12)
      railties
    polyglot (0.3.5)
    premailer (1.21.0)
      addressable
      css_parser (>= 1.12.0)
      htmlentities (>= 4.0.0)
    premailer-rails (1.12.0)
      actionmailer (>= 3)
      net-smtp
      premailer (~> 1.7, >= 1.7.9)
    pry (0.14.2)
      coderay (~> 1.1)
      method_source (~> 1.0)
    pry-byebug (3.10.1)
      byebug (~> 11.0)
      pry (>= 0.13, < 0.15)
    pry-rails (0.3.9)
      pry (>= 0.10.4)
    psych (5.1.0)
      stringio
    public_suffix (5.0.3)
    puma (6.3.1)
      nio4r (~> 2.0)
    racc (1.7.3)
    rack (2.2.8)
    rack-attack (6.7.0)
      rack (>= 1.0, < 4)
    rack-canonical-host (0.2.3)
      addressable (> 0, < 3)
      rack (>= 1.0.0, < 3)
    rack-cors (1.1.1)
      rack (>= 2.0.0)
    rack-protection (3.1.0)
      rack (~> 2.2, >= 2.2.4)
    rack-test (2.1.0)
      rack (>= 1.3)
    rails (7.0.7.2)
      actioncable (= 7.0.7.2)
      actionmailbox (= 7.0.7.2)
      actionmailer (= 7.0.7.2)
      actionpack (= 7.0.7.2)
      actiontext (= 7.0.7.2)
      actionview (= 7.0.7.2)
      activejob (= 7.0.7.2)
      activemodel (= 7.0.7.2)
      activerecord (= 7.0.7.2)
      activestorage (= 7.0.7.2)
      activesupport (= 7.0.7.2)
      bundler (>= 1.15.0)
      railties (= 7.0.7.2)
    rails-dom-testing (2.2.0)
      activesupport (>= 5.0.0)
      minitest
      nokogiri (>= 1.6)
    rails-html-sanitizer (1.6.0)
      loofah (~> 2.21)
      nokogiri (~> 1.14)
    rails_safe_tasks (1.0.0)
    railties (7.0.7.2)
      actionpack (= 7.0.7.2)
      activesupport (= 7.0.7.2)
      method_source
      rake (>= 12.2)
      thor (~> 1.0)
      zeitwerk (~> 2.5)
    rainbow (3.1.1)
    rake (13.0.6)
    rake-compiler (1.0.7)
      rake
    rb-fsevent (0.11.2)
    rb-inotify (0.10.1)
      ffi (~> 1.0)
    rb-readline (0.5.5)
    rdoc (6.5.0)
      psych (>= 4.0.0)
    redis (4.8.1)
    regexp_parser (2.8.1)
    representable (3.0.4)
      declarative (< 0.1.0)
      declarative-option (< 0.2.0)
      uber (< 0.2.0)
    request_store (1.4.1)
      rack (>= 1.4)
    retriable (3.1.2)
    rexml (3.2.6)
    rspec (3.12.0)
      rspec-core (~> 3.12.0)
      rspec-expectations (~> 3.12.0)
      rspec-mocks (~> 3.12.0)
    rspec-core (3.12.2)
      rspec-support (~> 3.12.0)
    rspec-expectations (3.12.3)
      diff-lcs (>= 1.2.0, < 2.0)
      rspec-support (~> 3.12.0)
    rspec-mocks (3.12.6)
      diff-lcs (>= 1.2.0, < 2.0)
      rspec-support (~> 3.12.0)
    rspec-rails (6.0.3)
      actionpack (>= 6.1)
      activesupport (>= 6.1)
      railties (>= 6.1)
      rspec-core (~> 3.12)
      rspec-expectations (~> 3.12)
      rspec-mocks (~> 3.12)
      rspec-support (~> 3.12)
    rspec-sidekiq (4.0.2)
      rspec-core (~> 3.0)
      rspec-expectations (~> 3.0)
      rspec-mocks (~> 3.0)
      sidekiq (>= 5, < 8)
    rspec-support (3.12.1)
    rspec_junit_formatter (0.6.0)
      rspec-core (>= 2, < 4, != 2.12.0)
    rubocop (1.56.0)
      base64 (~> 0.1.1)
      json (~> 2.3)
      language_server-protocol (>= 3.17.0)
      parallel (~> 1.10)
      parser (>= 3.2.2.3)
      rainbow (>= 2.2.2, < 4.0)
      regexp_parser (>= 1.8, < 3.0)
      rexml (>= 3.2.5, < 4.0)
      rubocop-ast (>= 1.28.1, < 2.0)
      ruby-progressbar (~> 1.7)
      unicode-display_width (>= 2.4.0, < 3.0)
    rubocop-ast (1.29.0)
      parser (>= 3.2.1.0)
    ruby-progressbar (1.13.0)
    rubypants (0.7.1)
    rubyzip (2.3.2)
    rugged (1.5.0)
    sanitize-url (0.1.4)
    sassc (2.4.0)
      ffi (~> 1.9)
    sassc-rails (2.1.2)
      railties (>= 4.0.0)
      sassc (>= 2.0)
      sprockets (> 3.0)
      sprockets-rails
      tilt
    sawyer (0.8.2)
      addressable (>= 2.3.5)
      faraday (> 0.8, < 2.0)
    scenic (1.7.0)
      activerecord (>= 4.0.0)
      railties (>= 4.0.0)
    sdl4r (0.9.11)
    semantic_range (2.3.0)
    shoulda (4.0.0)
      shoulda-context (~> 2.0)
      shoulda-matchers (~> 4.0)
    shoulda-context (2.0.0)
    shoulda-matchers (4.5.1)
      activesupport (>= 4.2.0)
    sidekiq (6.5.12)
      connection_pool (>= 2.2.5, < 3)
      rack (~> 2.0)
      redis (>= 4.5.0, < 5)
    sidekiq-unique-jobs (7.1.30)
      brpoplpush-redis_script (> 0.1.1, <= 2.0.0)
      concurrent-ruby (~> 1.0, >= 1.0.5)
      redis (< 5.0)
      sidekiq (>= 5.0, < 7.0)
      thor (>= 0.20, < 3.0)
    signet (0.12.0)
      addressable (~> 2.3)
      faraday (~> 0.9)
      jwt (>= 1.5, < 3.0)
      multi_json (~> 1.10)
    simple-rss (1.3.3)
    simple_form (5.0.2)
      actionpack (>= 5.0)
      activemodel (>= 5.0)
    simple_oauth (0.3.1)
    simplecov (0.22.0)
      docile (~> 1.1)
      simplecov-html (~> 0.11)
      simplecov_json_formatter (~> 0.1)
    simplecov-html (0.12.3)
    simplecov_json_formatter (0.1.4)
    sitemap_generator (6.0.2)
      builder (~> 3.0)
    snaky_hash (2.0.1)
      hashie
      version_gem (~> 1.1, >= 1.1.1)
    spdx (2.0.11)
      fuzzy_match (~> 2.1)
      treetop (~> 1.6)
    sprockets (4.2.0)
      concurrent-ruby (~> 1.0)
      rack (>= 2.2.4, < 4)
    sprockets-rails (3.4.2)
      actionpack (>= 5.2)
      activesupport (>= 5.2)
      sprockets (>= 3.0.0)
    sql_queries_count (0.0.1)
      rails (> 3.0.0)
    stringio (3.0.8)
    strings (0.2.1)
      strings-ansi (~> 0.2)
      unicode-display_width (>= 1.5, < 3.0)
      unicode_utils (~> 1.4)
    strings-ansi (0.2.0)
    strong_migrations (0.8.0)
      activerecord (>= 5.2)
    terminal-table (3.0.2)
      unicode-display_width (>= 1.1.1, < 3)
    thor (1.3.0)
    tilt (2.2.0)
    timeout (0.4.0)
    tomlrb (2.0.3)
    treetop (1.6.10)
      polyglot (~> 0.3)
    turbolinks (5.2.1)
      turbolinks-source (~> 5.2)
    turbolinks-source (5.2.0)
    typhoeus (1.4.0)
      ethon (>= 0.9.0)
    tzinfo (2.0.6)
      concurrent-ruby (~> 1.0)
    uber (0.1.0)
    uglifier (4.2.0)
      execjs (>= 0.3.0, < 3)
    unicode-display_width (2.4.2)
    unicode_utils (1.4.0)
    vcr (6.2.0)
    version_gem (1.1.3)
    webmock (3.19.1)
      addressable (>= 2.8.0)
      crack (>= 0.3.2)
      hashdiff (>= 0.4.0, < 2.0.0)
    websocket-driver (0.7.6)
      websocket-extensions (>= 0.1.0)
    websocket-extensions (0.1.5)
    will_paginate (3.1.7)
    will_paginate-bootstrap (1.0.2)
      will_paginate (>= 3.0.3)
    xpath (3.2.0)
      nokogiri (~> 1.8)
    yajl-ruby (1.4.3)
    zeitwerk (2.6.11)

PLATFORMS
  ruby

DEPENDENCIES
  active_model_serializers
  annotate
  api-pagination
  asciidoctor
  bibliothecary (>= 8.6.2)
  bitbucket_rest_api!
  bootsnap
  bootstrap-sass
  brakeman
  brotli
  bugsnag
  bundler
  byebug
  capybara
  charlock_holmes (>= 0.7.5)
  chartkick (~> 3.4)
  chronic
  commonmarker
  concurrent-ruby-ext
  counter_culture
  creole
  dalli
  database_cleaner (~> 1.99.0)
  database_cleaner-active_record
  ddtrace (~> 1.16.2)
  dotenv-rails
  elasticsearch (~> 2)
  elasticsearch-model (~> 5)
  elasticsearch-rails (~> 5)
  escape_utils
  factory_bot_rails (~> 6.2.0)
  faker
  faraday-http-cache
  faraday_middleware
  fast_blank
  fast_xor
  fast_xs
  ffi
  fog-aws
  fog-google
  font-awesome-rails (~> 4)
  foreman
  gemoji
  github-linguist
  github-markup
  gitlab
  graphql (< 2)
  graphql-client (~> 0.18.0)
  groupdate
  hiredis
  indefinite_article
  jb
  jquery-rails
  json_spec
  librariesio-url-parser (~> 1)
  license-compatibility
  listen
  lograge
  mail
  marginalia
  mime-types
  nokogiri
  octicons_helper
  octokit
  oj
  omniauth
  omniauth-atlassian-bitbucket
  omniauth-github
  omniauth-gitlab
  omniauth-rails_csrf_protection
  org-ruby
  parallel
  pg
  pg_query
  pghero
  pictogram
  premailer-rails (= 1.12.0)
  pry
  pry-byebug
  pry-rails
  puma
  rack-attack
  rack-canonical-host
  rack-cors
  rails (= 7.0.7.2)
  rails-timeago!
  rails_safe_tasks
  rb-readline
  rdoc
  redis
  rspec-rails
  rspec-sidekiq
  rspec_junit_formatter
  rubocop
  rubyzip (~> 2.3.0)
  sanitize-url
  sassc-rails
  scenic (~> 1.7)
  semantic!
  semantic_range
  shoulda
  sidekiq (< 7)
  sidekiq-unique-jobs (~> 7)
  simple-rss
  simple_form
  simplecov
  sitemap_generator
  spdx
  sql_queries_count
  strong_migrations (= 0.8.0)
  tomlrb
  turbolinks
  typhoeus
  uglifier
  vcr
  webmock
  will_paginate-bootstrap
  yajl-ruby

RUBY VERSION
   ruby 2.7.8p225

BUNDLED WITH
   2.1.4
